PATH
  remote: .
  specs:
    pact_broker (2.34.0)
      dry-logic (= 0.4.2)
      dry-types (~> 0.10.3)
      dry-validation (~> 0.10.5)
      haml (~> 5.0)
      httparty (~> 0.14)
      json (> 1.8, < 3.0)
      pact-support
      padrino-core (~> 0.14, >= 0.14.3)
      rack (~> 2.0, >= 2.0.6)
      rack-protection (~> 2.0)
      redcarpet (~> 3.3, >= 3.3.2)
      reform (~> 2.2)
      roar (~> 1.1)
      semantic_logger (~> 4.3)
      semver2 (~> 3.4.2)
      sequel (~> 5.6)
      sinatra (>= 2.0.2)
      sucker_punch (~> 2.0)
      table_print (~> 1.5)
      webmachine (= 1.5.0)

GEM
  remote: https://rubygems.org/
  specs:
    addressable (2.6.0)
      public_suffix (>= 2.0.2, < 4.0)
    as-notifications (1.0.1)
    awesome_print (1.8.0)
    bump (0.8.0)
    bundler-audit (0.6.1)
      bundler (>= 1.2.0, < 3)
      thor (~> 0.18)
    byebug (11.0.1)
    coderay (1.1.2)
    concurrent-ruby (1.1.5)
    conventional-changelog (1.3.0)
    crack (0.4.3)
      safe_yaml (~> 1.0.0)
    database_cleaner (1.7.0)
    declarative (0.0.10)
    declarative-builder (0.1.0)
      declarative-option (< 0.2.0)
    declarative-option (0.1.0)
    diff-lcs (1.3)
    disposable (0.4.5)
      declarative (>= 0.0.9, < 1.0.0)
      declarative-builder (< 0.2.0)
      declarative-option (< 0.2.0)
      representable (>= 2.4.0, <= 3.1.0)
      uber (< 0.2.0)
    docile (1.3.2)
    docker-api (1.34.2)
      excon (>= 0.47.0)
      multi_json
    dry-configurable (0.8.3)
      concurrent-ruby (~> 1.0)
      dry-core (~> 0.4, >= 0.4.7)
    dry-container (0.7.2)
      concurrent-ruby (~> 1.0)
      dry-configurable (~> 0.1, >= 0.1.3)
    dry-core (0.4.8)
      concurrent-ruby (~> 1.0)
    dry-equalizer (0.2.2)
    dry-logic (0.4.2)
      dry-container (~> 0.2, >= 0.2.6)
      dry-core (~> 0.2)
      dry-equalizer (~> 0.2)
    dry-types (0.10.3)
      concurrent-ruby (~> 1.0)
      dry-configurable (~> 0.1)
      dry-container (~> 0.3)
      dry-core (~> 0.2, >= 0.2.1)
      dry-equalizer (~> 0.2)
      dry-logic (~> 0.4, >= 0.4.0)
      inflecto (~> 0.0.0, >= 0.0.2)
    dry-validation (0.10.7)
      concurrent-ruby (~> 1.0)
      dry-configurable (~> 0.1, >= 0.1.3)
      dry-core (~> 0.2, >= 0.2.1)
      dry-equalizer (~> 0.2)
      dry-logic (~> 0.4, >= 0.4.0)
      dry-types (~> 0.9, >= 0.9.0)
    excon (0.64.0)
    fakefs (0.20.1)
    faraday (0.15.4)
      multipart-post (>= 1.2, < 3)
    filelock (1.1.1)
    find_a_port (1.0.1)
    haml (5.1.1)
      temple (>= 0.8.0)
      tilt
    hashdiff (1.0.0)
    httparty (0.17.0)
      mime-types (~> 3.0)
      multi_xml (>= 0.5.2)
    i18n (1.6.0)
      concurrent-ruby (~> 1.0)
    inflecto (0.0.2)
    json (2.2.0)
    method_source (0.9.2)
    mime-types (3.2.2)
      mime-types-data (~> 3.2015)
    mime-types-data (3.2019.0331)
    multi_json (1.13.1)
    multi_xml (0.6.0)
    multipart-post (2.1.1)
    mustermann (1.0.3)
    pact (1.41.0)
      json (> 1.8.5)
      pact-mock_service (~> 3.0)
      pact-support (~> 1.9)
      rack-test (>= 0.6.3, < 2.0.0)
      randexp (~> 0.1.7)
      rspec (>= 2.14)
      term-ansicolor (~> 1.0)
      thor
      webrick
    pact-mock_service (3.1.1)
      filelock (~> 1.1)
      find_a_port (~> 1.0.1)
      json
      pact-support (~> 1.2, >= 1.2.1)
      rack (~> 2.0)
      rspec (>= 2.14)
      term-ansicolor (~> 1.0)
      thor (~> 0.19)
      webrick (~> 1.3)
    pact-support (1.11.0)
      awesome_print (~> 1.1)
      find_a_port (~> 1.0.1)
      json
      randexp (~> 0.1.7)
      rspec (>= 2.14)
      term-ansicolor (~> 1.0)
      thor
    padrino-core (0.14.4)
      padrino-support (= 0.14.4)
      sinatra (>= 2.0.0)
      thor (~> 0.18)
    padrino-support (0.14.4)
    pg (0.21.0)
    pry (0.12.2)
      coderay (~> 1.1.0)
      method_source (~> 0.9.0)
    pry-byebug (3.7.0)
      byebug (~> 11.0)
      pry (~> 0.10)
    public_suffix (3.1.1)
    rack (2.0.7)
    rack-protection (2.0.5)
      rack
    rack-test (1.1.0)
      rack (>= 1.0, < 3)
    rake (10.5.0)
    randexp (0.1.7)
    redcarpet (3.4.0)
    reform (2.2.4)
      disposable (>= 0.4.1)
      representable (>= 2.4.0, < 3.1.0)
    representable (3.0.4)
      declarative (< 0.1.0)
      declarative-option (< 0.2.0)
      uber (< 0.2.0)
    roar (1.1.0)
      representable (~> 3.0.0)
    rspec (3.8.0)
      rspec-core (~> 3.8.0)
      rspec-expectations (~> 3.8.0)
      rspec-mocks (~> 3.8.0)
    rspec-core (3.8.2)
      rspec-support (~> 3.8.0)
    rspec-expectations (3.8.4)
      diff-lcs (>= 1.2.0, < 2.0)
      rspec-support (~> 3.8.0)
    rspec-its (1.3.0)
      rspec-core (>= 3.0.0)
      rspec-expectations (>= 3.0.0)
    rspec-mocks (3.8.1)
      diff-lcs (>= 1.2.0, < 2.0)
      rspec-support (~> 3.8.0)
    rspec-pact-matchers (0.1.0)
      pact-support (>= 1.1.2, < 2.0)
      rspec (~> 3.0)
      term-ansicolor (~> 1.0)
    rspec-support (3.8.2)
    safe_yaml (1.0.5)
    semantic_logger (4.5.0)
      concurrent-ruby (~> 1.0)
    semver2 (3.4.2)
    sequel (5.22.0)
    sequel-annotate (1.4.0)
      sequel (>= 4)
    simplecov (0.17.0)
      docile (~> 1.1)
      json (>= 1.8, < 3)
      simplecov-html (~> 0.10.0)
    simplecov-html (0.10.2)
    sinatra (2.0.5)
      mustermann (~> 1.0)
      rack (~> 2.0)
      rack-protection (= 2.0.5)
      tilt (~> 2.0)
    sqlite3 (1.4.1)
    sucker_punch (2.1.2)
      concurrent-ruby (~> 1.0)
    table_print (1.5.6)
    temple (0.8.1)
    term-ansicolor (1.7.1)
      tins (~> 1.0)
    thor (0.20.3)
    tilt (2.0.9)
    timecop (0.9.1)
    tins (1.21.1)
    uber (0.1.0)
    webmachine (1.5.0)
      as-notifications (~> 1.0)
      i18n (>= 0.4.0)
      multi_json
    webmock (2.3.2)
      addressable (>= 2.3.6)
      crack (>= 0.3.2)
      hashdiff
    webrick (1.4.2)

PLATFORMS
  ruby

DEPENDENCIES
  bump (~> 0.5)
  bundler-audit (~> 0.4)
  conventional-changelog (~> 1.3)
  database_cleaner (~> 1.6)
  docker-api (~> 1.34)
  fakefs (~> 0.4)
  faraday (~> 0.15)
  pact (~> 1.14)
  pact_broker!
  pg (~> 0.21)
  pry-byebug
  rake (~> 10.0)
  rspec (~> 3.0)
  rspec-its (~> 1.2)
  rspec-pact-matchers (~> 0.1)
  sequel-annotate (~> 1.3)
  simplecov
  sqlite3 (~> 1.3)
  timecop (~> 0.9)
  webmock (~> 2.3)

BUNDLED WITH
   2.0.2
